GEM
  remote: http://rubygems.org/
  specs:
    activesupport (3.0.5)
    configuration (1.2.0)
    haml (3.0.25)
    heroku (1.19.1)
      activesupport (>= 2.1.0)
      launchy (~> 0.3.2)
      rest-client (< 1.7.0, >= 1.4.0)
    launchy (0.3.7)
      configuration (>= 0.0.5)
      rake (>= 0.8.1)
    mime-types (1.16)
    rack (1.2.2)
    rake (0.8.7)
    rest-client (1.6.1)
      mime-types (>= 1.16)
    sequel (3.21.0)
    shotgun (0.9)
      rack (>= 1.0)
    sinatra (1.2.1)
      rack (~> 1.1)
      tilt (< 2.0, >= 1.2.2)
    sqlite3 (1.3.3)
    sqlite3-ruby (1.3.3)
      sqlite3 (>= 1.3.3)
    tilt (1.2.2)

PLATFORMS
  ruby

DEPENDENCIES
  haml
  heroku
  sequel
  shotgun
  sinatra
  sqlite3-ruby
